GEM
  remote: http://rubygems.org/
  specs:
    bors (0.0.3)
      hashie
      oj
    hashie (2.0.2)
    histogram (0.0.9)
    oj (2.0.9)

PLATFORMS
  ruby

DEPENDENCIES
  bors
  histogram
